PATH
  remote: .
  specs:
    mangos (0.0.8)
      addressable (>= 2.3.5)
      naturally (>= 1.0.3, <= 1.3.1)
      rmagick (>= 2.13.1)

GEM
  remote: https://rubygems.org/
  specs:
    addressable (2.3.8)
    naturally (1.3.1)
    rmagick (2.15.0)

PLATFORMS
  ruby

DEPENDENCIES
  bundler (>= 1.0.0)
  mangos!

BUNDLED WITH
   1.10.5
