PATH
  remote: .
  specs:
    mangos (0.0.8)
      addressable (>= 2.3.5)
      naturally (= 1.3.2)
      rmagick (>= 2.13.1)

GEM
  remote: https://rubygems.org/
  specs:
    addressable (2.3.8)
    naturally (1.3.2)
    rmagick (2.14.0)

PLATFORMS
  ruby

DEPENDENCIES
  bundler (>= 1.0.0)
  mangos!
